GIT
  remote: https://github.com/rberrelleza/lita-hipchat.git
  revision: 43e49e6e4638b29cb052d50b42ee9331a76ccdd4
  branch: bosh
  specs:
    lita-hipchat (3.0.7)
      lita (>= 4.4.3)
      xmpp4r (>= 0.5.6)

GEM
  remote: https://rubygems.org/
  specs:
    concurrent-ruby (1.0.5)
    faraday (0.14.0)
      multipart-post (>= 1.2, < 3)
    http_router (0.11.2)
      rack (>= 1.0.0)
      url_mount (~> 0.2.1)
    i18n (1.0.0)
      concurrent-ruby (~> 1.0)
    ice_nine (0.11.2)
    lita (4.7.1)
      bundler (>= 1.3)
      faraday (>= 0.8.7)
      http_router (>= 0.11.2)
      i18n (>= 0.6.9)
      ice_nine (>= 0.11.0)
      multi_json (>= 1.7.7)
      puma (>= 2.7.1)
      rack (>= 1.5.2, < 2.0.0)
      rb-readline (>= 0.5.1)
      redis-namespace (>= 1.3.0)
      thor (>= 0.18.1)
    lita-karma (3.0.2)
      lita (>= 4.0)
    lita-whois (1.1.0)
      lita (~> 4.2)
      whois
    multi_json (1.13.1)
    multipart-post (2.0.0)
    puma (3.11.2)
    rack (1.6.8)
    rb-readline (0.5.5)
    redis (4.0.1)
    redis-namespace (1.6.0)
      redis (>= 3.0.4)
    thor (0.20.0)
    url_mount (0.2.1)
      rack
    whois (4.0.5)
    xmpp4r (0.5.6)

PLATFORMS
  ruby

DEPENDENCIES
  lita
  lita-hipchat!
  lita-karma
  lita-whois

BUNDLED WITH
   1.16.1
